PATH
  remote: .
  specs:
    zoom_us (0.1.2)
      json (~> 2.1, >= 2.1.0)
      jwt
      typhoeus (~> 1.0, >= 1.0.1)
      zeitwerk

GEM
  remote: https://rubygems.org/
  specs:
    ZenTest (4.12.0)
    addressable (2.7.0)
      public_suffix (>= 2.0.2, < 5.0)
    ast (2.4.2)
    autotest (4.4.6)
      ZenTest (>= 4.4.1)
    autotest-fsevent (0.2.18)
      sys-uname
    autotest-growl (0.2.16)
    autotest-rails-pure (4.1.2)
    crack (0.4.5)
      rexml
    diff-lcs (1.4.4)
    ethon (0.12.0)
      ffi (>= 1.3.0)
    ffi (1.15.0)
    hashdiff (1.0.1)
    json (2.5.1)
    jwt (2.2.2)
    parallel (1.20.1)
    parser (3.0.0.0)
      ast (~> 2.4.1)
    public_suffix (4.0.6)
    rainbow (3.0.0)
    rake (12.0.0)
    regexp_parser (2.1.1)
    rexml (3.2.4)
    rspec (3.10.0)
      rspec-core (~> 3.10.0)
      rspec-expectations (~> 3.10.0)
      rspec-mocks (~> 3.10.0)
    rspec-core (3.10.1)
      rspec-support (~> 3.10.0)
    rspec-expectations (3.10.1)
      diff-lcs (>= 1.2.0, < 2.0)
      rspec-support (~> 3.10.0)
    rspec-mocks (3.10.2)
      diff-lcs (>= 1.2.0, < 2.0)
      rspec-support (~> 3.10.0)
    rspec-support (3.10.2)
    rubocop (1.11.0)
      parallel (~> 1.10)
      parser (>= 3.0.0.0)
      rainbow (>= 2.2.2, < 4.0)
      regexp_parser (>= 1.8, < 3.0)
      rexml
      rubocop-ast (>= 1.2.0, < 2.0)
      ruby-progressbar (~> 1.7)
      unicode-display_width (>= 1.4.0, < 3.0)
    rubocop-ast (1.4.1)
      parser (>= 2.7.1.5)
    ruby-progressbar (1.11.0)
    sys-uname (1.2.2)
      ffi (~> 1.1)
    typhoeus (1.4.0)
      ethon (>= 0.9.0)
    unicode-display_width (2.0.0)
    vcr (3.0.3)
    webmock (1.24.6)
      addressable (>= 2.3.6)
      crack (>= 0.3.2)
      hashdiff
    zeitwerk (2.4.2)

PLATFORMS
  ruby

DEPENDENCIES
  autotest (~> 4.4, >= 4.4.6)
  autotest-fsevent (~> 0.2, >= 0.2.12)
  autotest-growl (~> 0.2, >= 0.2.16)
  autotest-rails-pure (~> 4.1, >= 4.1.2)
  bundler (~> 2.1.2)
  rake (~> 12.0.0)
  rspec (~> 3.6, >= 3.6.0)
  rubocop
  vcr (~> 3.0, >= 3.0.1)
  webmock (~> 1.24, >= 1.24.3)
  zoom_us!

BUNDLED WITH
   2.1.4
